GEM
  remote: http://rubygems.org/
  specs:
    POpen4 (0.1.4)
      Platform (>= 0.4.0)
      open4
    Platform (0.4.0)
    activemodel (3.2.3)
      activesupport (= 3.2.3)
      builder (~> 3.0.0)
    activesupport (3.2.3)
      i18n (~> 0.6)
      multi_json (~> 1.0)
    addressable (2.2.8)
    archive-tar-minitar (0.5.2)
    bcrypt-ruby (3.0.1)
    bson (1.5.2)
    bson_ext (1.5.2)
      bson (= 1.5.2)
    builder (3.0.0)
    columnize (0.3.6)
    crack (0.3.1)
    erubis (2.7.0)
    faraday (0.8.0)
      multipart-post (~> 1.1)
    foreman (0.41.0)
      thor (>= 0.13.6)
    geoloqi (0.9.39)
      faraday (>= 0.6.1)
      json
    hashie (1.2.0)
    i18n (0.6.0)
    json (1.7.0)
    linecache19 (0.5.12)
      ruby_core_source (>= 0.1.4)
    mime-types (1.18)
    minitest (2.7.0)
    mongo (1.5.2)
      bson (= 1.5.2)
    mongoid (2.4.9)
      activemodel (~> 3.1)
      mongo (~> 1.3)
      tzinfo (~> 0.3.22)
    multi_json (1.0.4)
    multipart-post (1.1.5)
    open4 (1.3.0)
    puma (1.2.2)
      rack (~> 1.2)
    rack (1.4.1)
    rack-protection (1.2.0)
      rack
    rack-test (0.6.1)
      rack (>= 1.0)
    rake (0.9.2.2)
    rb-fsevent (0.4.3.1)
    redis (2.2.2)
    redis-namespace (1.0.3)
      redis (< 3.0.0)
    resque (1.19.0)
      multi_json (~> 1.0)
      redis-namespace (~> 1.0.2)
      sinatra (>= 0.9.2)
      vegas (~> 0.1.2)
    resque-scheduler (2.0.0.h)
      redis (>= 2.0.1)
      resque (>= 1.19.0)
      rufus-scheduler
    rest-client (1.6.7)
      mime-types (>= 1.16)
    ruby-debug-base19 (0.11.25)
      columnize (>= 0.3.1)
      linecache19 (>= 0.5.11)
      ruby_core_source (>= 0.1.4)
    ruby-debug19 (0.11.6)
      columnize (>= 0.3.1)
      linecache19 (>= 0.5.11)
      ruby-debug-base19 (>= 0.11.19)
    ruby_core_source (0.1.5)
      archive-tar-minitar (>= 0.5.2)
    rufus-scheduler (2.0.16)
      tzinfo (>= 0.3.23)
    sass (3.1.17)
    shotgun (0.9)
      rack (>= 1.0)
    simplecov (0.5.4)
      multi_json (~> 1.0.3)
      simplecov-html (~> 0.5.3)
    simplecov-html (0.5.3)
    sinatra (1.3.2)
      rack (~> 1.3, >= 1.3.6)
      rack-protection (~> 1.2)
      tilt (~> 1.3, >= 1.3.3)
    sinatra-support (1.2.0)
      sinatra (>= 1.0)
    thor (0.15.0)
    tilt (1.3.3)
    tzinfo (0.3.33)
    vegas (0.1.11)
      rack (>= 1.0.0)
    webmock (1.7.7)
      addressable (~> 2.2, > 2.2.5)
      crack (>= 0.1.7)
    yui-compressor (0.9.6)
      POpen4 (>= 0.1.4)

PLATFORMS
  ruby

DEPENDENCIES
  bcrypt-ruby
  bson_ext (~> 1.5.2)
  erubis (= 2.7.0)
  foreman (~> 0.41.0)
  geoloqi (= 0.9.39)
  hashie (= 1.2.0)
  json
  minitest (= 2.7.0)
  mongoid (~> 2.3)
  puma
  rack-test (= 0.6.1)
  rake
  rb-fsevent (~> 0.4.3.1)
  redis
  resque (~> 1.19.0)
  resque-scheduler (~> 2.0.0.e)
  rest-client (~> 1.6.7)
  ruby-debug19
  sass (~> 3.1.12)
  shotgun
  simplecov (= 0.5.4)
  sinatra (= 1.3.2)
  sinatra-support (= 1.2.0)
  webmock (= 1.7.7)
  yui-compressor
